PATH
  remote: .
  specs:
    phccodesnipper (1.1.0)
      aws-sdk-s3 (~> 1.36)
      friendly_id (~> 5.2)
      google-cloud-storage (~> 1.18)
      gravtastic (~> 3.2)
      httparty (~> 0.17.0)
      i18n (~> 1.6)
      mini_magick (~> 4.9)
      multi_json (~> 1.13)
      oj (~> 3.7)
      paper_trail (~> 10.3)
      pg (~> 1.1)
      phcaccounts (~> 38.2)
      phcadmin1 (~> 49.0)
      phcadmin2 (~> 51.0)
      phcadmin3 (~> 44.0)
      phcadmin4 (~> 26.0)
      phcadmin5 (~> 25.0)
      phcadmin6 (~> 14.0)
      phcadmin7 (~> 8.0)
      phccorehelpers (~> 5.2)
      phcmenus (~> 3.0)
      phcnotifi (~> 47.2)
      phctheme1 (~> 54.0)
      phctheme2 (~> 43.0)
      phctheme3 (~> 23.0)
      phctheme4 (~> 20.0)
      phctheme5 (~> 16.0)
      phctheme6 (~> 9.0)
      phctheme7 (~> 3.0)
      phctitleseo (~> 46.0)
      rabl (~> 0.14.0)
      rails (~> 5.2, >= 5.2.3)
      responders (~> 2.4)

GEM
  remote: https://rubygems.org/
  specs:
    actioncable (5.2.3)
      actionpack (= 5.2.3)
      nio4r (~> 2.0)
      websocket-driver (>= 0.6.1)
    actionmailer (5.2.3)
      actionpack (= 5.2.3)
      actionview (= 5.2.3)
      activejob (= 5.2.3)
      mail (~> 2.5, >= 2.5.4)
      rails-dom-testing (~> 2.0)
    actionpack (5.2.3)
      actionview (= 5.2.3)
      activesupport (= 5.2.3)
      rack (~> 2.0)
      rack-test (>= 0.6.3)
      rails-dom-testing (~> 2.0)
      rails-html-sanitizer (~> 1.0, >= 1.0.2)
    actionview (5.2.3)
      activesupport (= 5.2.3)
      builder (~> 3.1)
      erubi (~> 1.4)
      rails-dom-testing (~> 2.0)
      rails-html-sanitizer (~> 1.0, >= 1.0.3)
    activejob (5.2.3)
      activesupport (= 5.2.3)
      globalid (>= 0.3.6)
    activemerchant (1.93.0)
      activesupport (>= 4.2)
      builder (>= 2.1.2, < 4.0.0)
      i18n (>= 0.6.9)
      nokogiri (~> 1.4)
    activemodel (5.2.3)
      activesupport (= 5.2.3)
    activerecord (5.2.3)
      activemodel (= 5.2.3)
      activesupport (= 5.2.3)
      arel (>= 9.0)
    activestorage (5.2.3)
      actionpack (= 5.2.3)
      activerecord (= 5.2.3)
      marcel (~> 0.3.1)
    activesupport (5.2.3)
      concurrent-ruby (~> 1.0, >= 1.0.2)
      i18n (>= 0.7, < 2)
      minitest (~> 5.1)
      tzinfo (~> 1.1)
    addressable (2.6.0)
      public_suffix (>= 2.0.2, < 4.0)
    arel (9.0.0)
    aws-eventstream (1.0.3)
    aws-partitions (1.161.0)
    aws-sdk-core (3.51.0)
      aws-eventstream (~> 1.0, >= 1.0.2)
      aws-partitions (~> 1.0)
      aws-sigv4 (~> 1.1)
      jmespath (~> 1.0)
    aws-sdk-kms (1.18.0)
      aws-sdk-core (~> 3, >= 3.48.2)
      aws-sigv4 (~> 1.1)
    aws-sdk-s3 (1.36.1)
      aws-sdk-core (~> 3, >= 3.48.2)
      aws-sdk-kms (~> 1)
      aws-sigv4 (~> 1.0)
    aws-sigv4 (1.1.0)
      aws-eventstream (~> 1.0, >= 1.0.2)
    bcrypt (3.1.12)
    builder (3.2.3)
    byebug (11.0.1)
    capybara (3.19.1)
      addressable
      mini_mime (>= 0.1.3)
      nokogiri (~> 1.8)
      rack (>= 1.6.0)
      rack-test (>= 0.6.3)
      regexp_parser (~> 1.2)
      xpath (~> 3.2)
    childprocess (1.0.1)
      rake (< 13.0)
    coffee-rails (5.0.0)
      coffee-script (>= 2.2.0)
      railties (>= 5.2.0)
    coffee-script (2.4.1)
      coffee-script-source
      execjs
    coffee-script-source (1.12.2)
    concurrent-ruby (1.1.5)
    crass (1.0.4)
    database_cleaner (1.7.0)
    declarative (0.0.10)
    declarative-option (0.1.0)
    devise (4.6.2)
      bcrypt (~> 3.0)
      orm_adapter (~> 0.1)
      railties (>= 4.1.0, < 6.0)
      responders
      warden (~> 1.2.3)
    diff-lcs (1.3)
    digest-crc (0.4.1)
    erubi (1.8.0)
    execjs (2.7.0)
    factory_bot (5.0.2)
      activesupport (>= 4.2.0)
    factory_bot_rails (5.0.2)
      factory_bot (~> 5.0.2)
      railties (>= 4.2.0)
    faker (1.9.3)
      i18n (>= 0.7)
    faraday (0.15.4)
      multipart-post (>= 1.2, < 3)
    ffi (1.10.0)
    friendly_id (5.2.5)
      activerecord (>= 4.0.0)
    globalid (0.4.2)
      activesupport (>= 4.2.0)
    google-api-client (0.29.1)
      addressable (~> 2.5, >= 2.5.1)
      googleauth (>= 0.5, < 0.10.0)
      httpclient (>= 2.8.1, < 3.0)
      mime-types (~> 3.0)
      representable (~> 3.0)
      retriable (>= 2.0, < 4.0)
      signet (~> 0.10)
    google-cloud-core (1.3.0)
      google-cloud-env (~> 1.0)
    google-cloud-env (1.0.5)
      faraday (~> 0.11)
    google-cloud-storage (1.18.1)
      addressable (~> 2.5)
      digest-crc (~> 0.4)
      google-api-client (~> 0.26)
      google-cloud-core (~> 1.2)
      googleauth (>= 0.6.2, < 0.10.0)
    googleauth (0.8.1)
      faraday (~> 0.12)
      jwt (>= 1.4, < 3.0)
      memoist (~> 0.16)
      multi_json (~> 1.11)
      os (>= 0.9, < 2.0)
      signet (~> 0.7)
    gravtastic (3.2.6)
    hashie (3.6.0)
    httparty (0.17.0)
      mime-types (~> 3.0)
      multi_xml (>= 0.5.2)
    httpclient (2.8.3)
    i18n (1.6.0)
      concurrent-ruby (~> 1.0)
    jmespath (1.4.0)
    jquery-rails (4.3.3)
      rails-dom-testing (>= 1, < 3)
      railties (>= 4.2.0)
      thor (>= 0.14, < 2.0)
    jquery-ui-rails (6.0.1)
      railties (>= 3.2.16)
    jwt (2.1.0)
    launchy (2.4.3)
      addressable (~> 2.3)
    loofah (2.2.3)
      crass (~> 1.0.2)
      nokogiri (>= 1.5.9)
    mail (2.7.1)
      mini_mime (>= 0.1.1)
    marcel (0.3.3)
      mimemagic (~> 0.3.2)
    memoist (0.16.0)
    method_source (0.9.2)
    mime-types (3.2.2)
      mime-types-data (~> 3.2015)
    mime-types-data (3.2019.0331)
    mimemagic (0.3.3)
    mini_magick (4.9.3)
    mini_mime (1.0.1)
    mini_portile2 (2.4.0)
    minitest (5.11.3)
    multi_json (1.13.1)
    multi_xml (0.6.0)
    multipart-post (2.1.1)
    nio4r (2.3.1)
    nokogiri (1.10.3)
      mini_portile2 (~> 2.4.0)
    oauth (0.5.4)
    oauth2 (1.4.1)
      faraday (>= 0.8, < 0.16.0)
      jwt (>= 1.0, < 3.0)
      multi_json (~> 1.3)
      multi_xml (~> 0.5)
      rack (>= 1.2, < 3)
    oj (3.7.12)
    omniauth (1.9.0)
      hashie (>= 3.4.6, < 3.7.0)
      rack (>= 1.6.2, < 3)
    omniauth-facebook (5.0.0)
      omniauth-oauth2 (~> 1.2)
    omniauth-github (1.3.0)
      omniauth (~> 1.5)
      omniauth-oauth2 (>= 1.4.0, < 2.0)
    omniauth-instagram (1.3.0)
      omniauth (~> 1)
      omniauth-oauth2 (~> 1)
    omniauth-oauth (1.1.0)
      oauth
      omniauth (~> 1.0)
    omniauth-oauth2 (1.6.0)
      oauth2 (~> 1.1)
      omniauth (~> 1.9)
    omniauth-twitter (1.4.0)
      omniauth-oauth (~> 1.1)
      rack
    orm_adapter (0.5.0)
    os (1.0.1)
    paper_trail (10.3.0)
      activerecord (>= 4.2, < 6.1)
      request_store (~> 1.1)
    pg (1.1.4)
    phcaccounts (38.2.0)
      activemerchant (~> 1.93)
      aws-sdk-s3 (~> 1.36)
      devise (~> 4.6)
      friendly_id (~> 5.2)
      google-cloud-storage (~> 1.18)
      gravtastic (~> 3.2)
      httparty (~> 0.17.0)
      mini_magick (~> 4.9)
      multi_json (~> 1.13)
      oj (~> 3.7)
      omniauth-facebook (~> 5.0)
      omniauth-github (~> 1.3)
      omniauth-instagram (~> 1.3)
      omniauth-twitter (~> 1.4)
      paper_trail (~> 10.3)
      pg (~> 1.1)
      phcadmin1 (~> 49.0)
      phcadmin2 (~> 51.0)
      phcadmin3 (~> 44.0)
      phcadmin4 (~> 26.0)
      phcadmin5 (~> 25.0)
      phcadmin6 (~> 14.0)
      phcadmin7 (~> 8.0)
      phccorehelpers (~> 5.0)
      phcmenus (~> 3.0)
      phcnotifi (~> 47.2)
      phctheme1 (~> 54.0)
      phctheme2 (~> 43.0)
      phctheme3 (~> 23.0)
      phctheme4 (~> 20.0)
      phctheme5 (~> 16.0)
      phctheme6 (~> 9.0)
      phctheme7 (~> 3.0)
      phctitleseo (~> 46.0)
      rabl (~> 0.14.0)
      rails (~> 5.2, >= 5.2.3)
      responders (~> 2.4)
      simple_token_authentication (~> 1.15)
    phcadmin1 (49.0.0)
      aws-sdk-s3 (~> 1.36)
      coffee-rails (~> 5.0)
      google-cloud-storage (~> 1.18)
      jquery-rails (~> 4.3)
      jquery-ui-rails (~> 6.0)
      mini_magick (~> 4.9)
      rails (~> 5.2, >= 5.2.3)
      sassc-rails (~> 2.1)
      turbolinks (~> 5.2)
      uglifier (~> 4.1)
      webpacker (~> 4.0)
    phcadmin2 (51.0.0)
      aws-sdk-s3 (~> 1.36)
      coffee-rails (~> 5.0)
      google-cloud-storage (~> 1.18)
      jquery-rails (~> 4.3)
      jquery-ui-rails (~> 6.0)
      mini_magick (~> 4.9)
      rails (~> 5.2, >= 5.2.3)
      sassc-rails (~> 2.1)
      turbolinks (~> 5.2)
      uglifier (~> 4.1)
      webpacker (~> 4.0)
    phcadmin3 (44.0.0)
      aws-sdk-s3 (~> 1.36)
      coffee-rails (~> 5.0)
      google-cloud-storage (~> 1.18)
      jquery-rails (~> 4.3)
      jquery-ui-rails (~> 6.0)
      mini_magick (~> 4.9)
      rails (~> 5.2, >= 5.2.3)
      sassc-rails (~> 2.1)
      turbolinks (~> 5.2)
      uglifier (~> 4.1)
      webpacker (~> 4.0)
    phcadmin4 (26.0.0)
      aws-sdk-s3 (~> 1.36)
      coffee-rails (~> 5.0)
      google-cloud-storage (~> 1.18)
      jquery-rails (~> 4.3)
      jquery-ui-rails (~> 6.0)
      mini_magick (~> 4.9)
      rails (~> 5.2, >= 5.2.3)
      sassc-rails (~> 2.1)
      turbolinks (~> 5.2)
      uglifier (~> 4.1)
      webpacker (~> 4.0)
    phcadmin5 (25.0.0)
      aws-sdk-s3 (~> 1.36)
      coffee-rails (~> 5.0)
      google-cloud-storage (~> 1.18)
      jquery-rails (~> 4.3)
      jquery-ui-rails (~> 6.0)
      mini_magick (~> 4.9)
      rails (~> 5.2, >= 5.2.3)
      sassc-rails (~> 2.1)
      turbolinks (~> 5.2)
      uglifier (~> 4.1)
      webpacker (~> 4.0)
    phcadmin6 (14.0.0)
      aws-sdk-s3 (~> 1.36)
      coffee-rails (~> 5.0)
      google-cloud-storage (~> 1.18)
      jquery-rails (~> 4.3)
      jquery-ui-rails (~> 6.0)
      mini_magick (~> 4.9)
      rails (~> 5.2, >= 5.2.3)
      sassc-rails (~> 2.1)
      turbolinks (~> 5.2)
      uglifier (~> 4.1)
      webpacker (~> 4.0)
    phcadmin7 (8.0.0)
      aws-sdk-s3 (~> 1.36)
      coffee-rails (~> 5.0)
      google-cloud-storage (~> 1.18)
      jquery-rails (~> 4.3)
      jquery-ui-rails (~> 6.0)
      mini_magick (~> 4.9)
      rails (~> 5.2, >= 5.2.3)
      sassc-rails (~> 2.1)
      turbolinks (~> 5.2)
      uglifier (~> 4.1)
      webpacker (~> 4.0)
    phccorehelpers (5.2.0)
      phcadmin1 (~> 49.0)
      phcadmin2 (~> 51.0)
      phcadmin3 (~> 44.0)
      phcadmin4 (~> 26.0)
      phcadmin5 (~> 25.0)
      phcadmin6 (~> 14.0)
      phcadmin7 (~> 8.0)
      phctheme1 (~> 54.0)
      phctheme2 (~> 43.0)
      phctheme3 (~> 23.0)
      phctheme4 (~> 20.0)
      phctheme5 (~> 16.0)
      phctheme6 (~> 9.0)
      phctheme7 (~> 3.0)
      rails (~> 5.2, >= 5.2.3)
    phcmenus (3.0.0)
      phcadmin1 (~> 49.0)
      phcadmin2 (~> 51.0)
      phcadmin3 (~> 44.0)
      phcadmin4 (~> 26.0)
      phcadmin5 (~> 25.0)
      phcadmin6 (~> 14.0)
      phcadmin7 (~> 8.0)
      phctheme1 (~> 54.0)
      phctheme2 (~> 43.0)
      phctheme3 (~> 23.0)
      phctheme4 (~> 20.0)
      phctheme5 (~> 16.0)
      phctheme6 (~> 9.0)
      phctheme7 (~> 3.0)
      rails (~> 5.2, >= 5.2.3)
    phcnotifi (47.2.0)
      phcadmin1 (~> 49.0)
      phcadmin2 (~> 51.0)
      phcadmin3 (~> 44.0)
      phcadmin4 (~> 26.0)
      phcadmin5 (~> 25.0)
      phcadmin6 (~> 14.0)
      phcadmin7 (~> 8.0)
      phctheme1 (~> 54.0)
      phctheme2 (~> 43.0)
      phctheme3 (~> 23.0)
      phctheme4 (~> 20.0)
      phctheme5 (~> 16.0)
      phctheme6 (~> 9.0)
      phctheme7 (~> 3.0)
      rails (~> 5.2, >= 5.2.3)
    phctheme1 (54.0.0)
      aws-sdk-s3 (~> 1.36)
      coffee-rails (~> 5.0)
      google-cloud-storage (~> 1.18)
      jquery-rails (~> 4.3)
      jquery-ui-rails (~> 6.0)
      mini_magick (~> 4.9)
      rails (~> 5.2, >= 5.2.3)
      sassc-rails (~> 2.1)
      turbolinks (~> 5.2)
      uglifier (~> 4.1)
      webpacker (~> 4.0)
    phctheme2 (43.0.0)
      aws-sdk-s3 (~> 1.36)
      coffee-rails (~> 5.0)
      google-cloud-storage (~> 1.18)
      jquery-rails (~> 4.3)
      jquery-ui-rails (~> 6.0)
      mini_magick (~> 4.9)
      rails (~> 5.2, >= 5.2.3)
      sassc-rails (~> 2.1)
      turbolinks (~> 5.2)
      uglifier (~> 4.1)
      webpacker (~> 4.0)
    phctheme3 (23.0.0)
      aws-sdk-s3 (~> 1.36)
      coffee-rails (~> 5.0)
      google-cloud-storage (~> 1.18)
      jquery-rails (~> 4.3)
      jquery-ui-rails (~> 6.0)
      mini_magick (~> 4.9)
      rails (~> 5.2, >= 5.2.3)
      sassc-rails (~> 2.1)
      turbolinks (~> 5.2)
      uglifier (~> 4.1)
      webpacker (~> 4.0)
    phctheme4 (20.0.0)
      aws-sdk-s3 (~> 1.36)
      coffee-rails (~> 5.0)
      google-cloud-storage (~> 1.18)
      jquery-rails (~> 4.3)
      jquery-ui-rails (~> 6.0)
      mini_magick (~> 4.9)
      rails (~> 5.2, >= 5.2.3)
      sassc-rails (~> 2.1)
      turbolinks (~> 5.2)
      uglifier (~> 4.1)
      webpacker (~> 4.0)
    phctheme5 (16.0.0)
      aws-sdk-s3 (~> 1.36)
      coffee-rails (~> 5.0)
      google-cloud-storage (~> 1.18)
      jquery-rails (~> 4.3)
      jquery-ui-rails (~> 6.0)
      mini_magick (~> 4.9)
      rails (~> 5.2, >= 5.2.3)
      sassc-rails (~> 2.1)
      turbolinks (~> 5.2)
      uglifier (~> 4.1)
      webpacker (~> 4.0)
    phctheme6 (9.0.0)
      aws-sdk-s3 (~> 1.36)
      coffee-rails (~> 5.0)
      google-cloud-storage (~> 1.18)
      jquery-rails (~> 4.3)
      jquery-ui-rails (~> 6.0)
      mini_magick (~> 4.9)
      rails (~> 5.2, >= 5.2.3)
      sassc-rails (~> 2.1)
      turbolinks (~> 5.2)
      uglifier (~> 4.1)
      webpacker (~> 4.0)
    phctheme7 (3.0.0)
      aws-sdk-s3 (~> 1.36)
      coffee-rails (~> 5.0)
      google-cloud-storage (~> 1.18)
      jquery-rails (~> 4.3)
      jquery-ui-rails (~> 6.0)
      mini_magick (~> 4.9)
      rails (~> 5.2, >= 5.2.3)
      sassc-rails (~> 2.1)
      turbolinks (~> 5.2)
      uglifier (~> 4.1)
      webpacker (~> 4.0)
    phctitleseo (46.0.0)
      phcadmin1 (~> 49.0)
      phcadmin2 (~> 51.0)
      phcadmin3 (~> 44.0)
      phcadmin4 (~> 26.0)
      phcadmin5 (~> 25.0)
      phcadmin6 (~> 14.0)
      phcadmin7 (~> 8.0)
      phctheme1 (~> 54.0)
      phctheme2 (~> 43.0)
      phctheme3 (~> 23.0)
      phctheme4 (~> 20.0)
      phctheme5 (~> 16.0)
      phctheme6 (~> 9.0)
      phctheme7 (~> 3.0)
      rails (~> 5.2, >= 5.2.3)
    public_suffix (3.0.3)
    rabl (0.14.1)
      activesupport (>= 2.3.14)
    rack (2.0.7)
    rack-proxy (0.6.5)
      rack
    rack-test (1.1.0)
      rack (>= 1.0, < 3)
    rails (5.2.3)
      actioncable (= 5.2.3)
      actionmailer (= 5.2.3)
      actionpack (= 5.2.3)
      actionview (= 5.2.3)
      activejob (= 5.2.3)
      activemodel (= 5.2.3)
      activerecord (= 5.2.3)
      activestorage (= 5.2.3)
      activesupport (= 5.2.3)
      bundler (>= 1.3.0)
      railties (= 5.2.3)
      sprockets-rails (>= 2.0.0)
    rails-dom-testing (2.0.3)
      activesupport (>= 4.2.0)
      nokogiri (>= 1.6)
    rails-html-sanitizer (1.0.4)
      loofah (~> 2.2, >= 2.2.2)
    railties (5.2.3)
      actionpack (= 5.2.3)
      activesupport (= 5.2.3)
      method_source
      rake (>= 0.8.7)
      thor (>= 0.19.0, < 2.0)
    rake (12.3.2)
    regexp_parser (1.4.0)
    representable (3.0.4)
      declarative (< 0.1.0)
      declarative-option (< 0.2.0)
      uber (< 0.2.0)
    request_store (1.4.1)
      rack (>= 1.4)
    responders (2.4.1)
      actionpack (>= 4.2.0, < 6.0)
      railties (>= 4.2.0, < 6.0)
    retriable (3.1.2)
    rspec-core (3.8.0)
      rspec-support (~> 3.8.0)
    rspec-expectations (3.8.3)
      diff-lcs (>= 1.2.0, < 2.0)
      rspec-support (~> 3.8.0)
    rspec-mocks (3.8.0)
      diff-lcs (>= 1.2.0, < 2.0)
      rspec-support (~> 3.8.0)
    rspec-rails (3.8.2)
      actionpack (>= 3.0)
      activesupport (>= 3.0)
      railties (>= 3.0)
      rspec-core (~> 3.8.0)
      rspec-expectations (~> 3.8.0)
      rspec-mocks (~> 3.8.0)
      rspec-support (~> 3.8.0)
    rspec-support (3.8.0)
    rubyzip (1.2.2)
    sassc (2.0.1)
      ffi (~> 1.9)
      rake
    sassc-rails (2.1.1)
      railties (>= 4.0.0)
      sassc (>= 2.0)
      sprockets (> 3.0)
      sprockets-rails
      tilt
    selenium-webdriver (3.142.2)
      childprocess (>= 0.5, < 2.0)
      rubyzip (~> 1.2, >= 1.2.2)
    signet (0.11.0)
      addressable (~> 2.3)
      faraday (~> 0.9)
      jwt (>= 1.5, < 3.0)
      multi_json (~> 1.10)
    simple_token_authentication (1.15.1)
      actionmailer (>= 3.2.6, < 6)
      actionpack (>= 3.2.6, < 6)
      devise (>= 3.2, < 6)
    sprockets (3.7.2)
      concurrent-ruby (~> 1.0)
      rack (> 1, < 3)
    sprockets-rails (3.2.1)
      actionpack (>= 4.0)
      activesupport (>= 4.0)
      sprockets (>= 3.0.0)
    sqlite3 (1.3.13)
    thor (0.20.3)
    thread_safe (0.3.6)
    tilt (2.0.9)
    turbolinks (5.2.0)
      turbolinks-source (~> 5.2)
    turbolinks-source (5.2.0)
    tzinfo (1.2.5)
      thread_safe (~> 0.1)
    uber (0.1.0)
    uglifier (4.1.20)
      execjs (>= 0.3.0, < 3)
    warden (1.2.8)
      rack (>= 2.0.6)
    webpacker (4.0.2)
      activesupport (>= 4.2)
      rack-proxy (>= 0.6.1)
      railties (>= 4.2)
    websocket-driver (0.7.0)
      websocket-extensions (>= 0.1.0)
    websocket-extensions (0.1.3)
    xpath (3.2.0)
      nokogiri (~> 1.8)

PLATFORMS
  ruby

DEPENDENCIES
  byebug (~> 11.0)
  capybara (~> 3.18)
  database_cleaner (~> 1.7)
  factory_bot_rails (~> 5.0)
  faker (~> 1.9)
  launchy (~> 2.4)
  minitest (~> 5.11)
  nokogiri (~> 1.10)
  phccodesnipper!
  rspec-rails (~> 3.8)
  selenium-webdriver (~> 3.142)
  sqlite3 (~> 1.3, < 1.4)

BUNDLED WITH
   2.0.1
